GEM
  remote: https://rubygems.org/
  specs:
    corefoundation (0.2.0)
      ffi
    ffi (1.11.1)
    highline (2.0.2)
    json (2.3.0)
    optimist (3.0.0)
    rb-scpt (1.0.3)
    ruby-keychain (0.3.2)
      corefoundation (~> 0.2.0)
      ffi
    terminal-notifier (2.0.0)

PLATFORMS
  ruby

DEPENDENCIES
  highline
  json
  optimist
  rb-scpt
  ruby-keychain
  terminal-notifier

BUNDLED WITH
   1.16.6
