GIT
  remote: https://github.com/sumoheavy/jira-ruby.git
  revision: 672f06b6b9c77025080e852eb0f753a1d21f6e26
  specs:
    jira-ruby (0.1.11)
      activesupport (~> 4.1.4)
      oauth (~> 0.4.7)

GEM
  remote: https://rubygems.org/
  specs:
    activesupport (4.1.5)
      i18n (~> 0.6, >= 0.6.9)
      json (~> 1.7, >= 1.7.7)
      minitest (~> 5.1)
      thread_safe (~> 0.1)
      tzinfo (~> 1.1)
    coderay (1.1.0)
    hashie (3.3.1)
    highline (1.6.21)
    i18n (0.6.11)
    json (1.8.1)
    method_source (0.8.2)
    minitest (5.4.0)
    oauth (0.4.7)
    pry (0.10.1)
      coderay (~> 1.1.0)
      method_source (~> 0.8.1)
      slop (~> 3.4)
    rb-appscript (0.6.1)
    slop (3.6.0)
    thread_safe (0.3.4)
    trollop (2.0)
    tzinfo (1.2.2)
      thread_safe (~> 0.1)

PLATFORMS
  ruby

DEPENDENCIES
  hashie
  highline
  jira-ruby!
  json
  pry
  rb-appscript
  trollop
