PATH
  remote: .
  specs:
    jira-omnifocus (0.2)
      hashie (~> 3.3)
      highline (~> 1.6)
      jira-ruby (~> 0.1.11)
      json (~> 1.8)
      rb-appscript (~> 0.6.1)
      trollop (~> 2.0)

GEM
  remote: https://rubygems.org/
  specs:
    activesupport (4.1.6)
      i18n (~> 0.6, >= 0.6.9)
      json (~> 1.7, >= 1.7.7)
      minitest (~> 5.1)
      thread_safe (~> 0.1)
      tzinfo (~> 1.1)
    hashie (3.3.1)
    highline (1.6.21)
    i18n (0.6.11)
    jira-ruby (0.1.11)
      activesupport (~> 4.1.4)
      oauth (~> 0.4.7)
    json (1.8.1)
    minitest (5.4.2)
    oauth (0.4.7)
    rake (10.3.2)
    rb-appscript (0.6.1)
    thread_safe (0.3.4)
    trollop (2.0)
    tzinfo (1.2.2)
      thread_safe (~> 0.1)

PLATFORMS
  ruby

DEPENDENCIES
  bundler (~> 1.7)
  jira-omnifocus!
  rake (~> 10.0)
